PATH
  remote: vendor/tools/backpack
  specs:
    backpack (0.1.0.dev)
      netrc (~> 0.11)
      octokit (>= 4.14)
      reality-belt (>= 1.0.0)
      reality-core (>= 1.8.0)
      reality-model (>= 1.2.0)
      travis (= 1.8.13)

PATH
  remote: vendor/tools/zim
  specs:
    zim (0.1.0.dev)
      reality-belt (>= 1.0.0)
      reality-core (>= 1.8.0)
      reality-model (>= 1.2.0)

GEM
  remote: https://rubygems.org/
  specs:
    addressable (2.4.0)
    arrayfields (4.9.2)
    backports (3.15.0)
    braid (1.1.2)
      json
      main (>= 4.7.3)
    chronic (0.10.2)
    ethon (0.12.0)
      ffi (>= 1.3.0)
    faraday (0.17.3)
      multipart-post (>= 1.2, < 3)
    faraday_middleware (0.14.0)
      faraday (>= 0.7.4, < 1.0)
    fattr (2.4.0)
    ffi (1.9.18)
    gh (0.15.1)
      addressable (~> 2.4.0)
      backports
      faraday (~> 0.8)
      multi_json (~> 1.0)
      net-http-persistent (~> 2.9)
      net-http-pipeline
    gitattributes (2.9.0)
    highline (1.7.10)
    json (2.3.0)
    launchy (2.4.3)
      addressable (~> 2.3)
    main (6.2.3)
      arrayfields (~> 4.7, >= 4.7.4)
      chronic (~> 0.6, >= 0.6.2)
      fattr (~> 2.2, >= 2.2.0)
      map (~> 6.1, >= 6.1.0)
    map (6.6.0)
    multi_json (1.14.1)
    multipart-post (2.1.1)
    net-http-persistent (2.9.4)
    net-http-pipeline (1.0.1)
    netrc (0.11.0)
    octokit (4.15.0)
      faraday (>= 0.9)
      sawyer (~> 0.8.0, >= 0.5.3)
    pusher-client (0.6.2)
      json
      websocket (~> 1.0)
    reality-belt (1.0.1)
      reality-core (>= 1.8.0)
      reality-model (>= 1.2.0)
    reality-core (1.8.0)
    reality-model (1.4.0)
      reality-core (>= 1.8.0)
      reality-naming (>= 1.9.0)
    reality-naming (1.13.0)
    sawyer (0.8.2)
      addressable (>= 2.3.5)
      faraday (> 0.8, < 2.0)
    travis (1.8.13)
      backports
      faraday (~> 0.9)
      faraday_middleware (~> 0.9, >= 0.9.1)
      gh (~> 0.13)
      highline (~> 1.6)
      launchy (~> 2.1)
      pusher-client (~> 0.4)
      typhoeus (~> 0.6, >= 0.6.8)
    typhoeus (0.8.0)
      ethon (>= 0.8.0)
    websocket (1.2.8)
    zapwhite (2.17.0)
      gitattributes (= 2.9.0)

PLATFORMS
  ruby

DEPENDENCIES
  backpack (= 0.1.0.dev)!
  braid (= 1.1.2)
  ffi (= 1.9.18)
  reality-belt (>= 1.0.0)
  zapwhite (= 2.17.0)
  zim (= 0.1.0.dev)!

BUNDLED WITH
   1.17.3
